GIT
  remote: https://github.com/firstdraft/web_git.git
  revision: 53ea1154b3c74ac392dc7240cea3f20ebcead7d9
  branch: spring2020
  specs:
    web_git (0.1.0)
      actionview
      diffy
      git
      sinatra
      tzinfo-data

GEM
  remote: https://rubygems.org/
  specs:
    actionview (6.0.2.2)
      activesupport (= 6.0.2.2)
      builder (~> 3.1)
      erubi (~> 1.4)
      rails-dom-testing (~> 2.0)
      rails-html-sanitizer (~> 1.1, >= 1.2.0)
    activesupport (6.0.2.2)
      concurrent-ruby (~> 1.0, >= 1.0.2)
      i18n (>= 0.7, < 2)
      minitest (~> 5.1)
      tzinfo (~> 1.1)
      zeitwerk (~> 2.2)
    builder (3.2.4)
    concurrent-ruby (1.1.6)
    crass (1.0.6)
    diff-lcs (1.3)
    diffy (3.3.0)
    erubi (1.9.0)
    git (1.6.0)
      rchardet (~> 1.8)
    grade_runner (0.0.5.1)
    i18n (1.8.2)
      concurrent-ruby (~> 1.0)
    loofah (2.5.0)
      crass (~> 1.0.2)
      nokogiri (>= 1.5.9)
    mini_portile2 (2.4.0)
    minitest (5.14.0)
    mustermann (1.1.1)
      ruby2_keywords (~> 0.0.1)
    nokogiri (1.10.9)
      mini_portile2 (~> 2.4.0)
    rack (2.2.2)
    rack-protection (2.0.8.1)
      rack
    rails-dom-testing (2.0.3)
      activesupport (>= 4.2.0)
      nokogiri (>= 1.6)
    rails-html-sanitizer (1.3.0)
      loofah (~> 2.3)
    rake (13.0.0)
    rchardet (1.8.0)
    rspec (3.8.0)
      rspec-core (~> 3.8.0)
      rspec-expectations (~> 3.8.0)
      rspec-mocks (~> 3.8.0)
    rspec-core (3.8.2)
      rspec-support (~> 3.8.0)
    rspec-expectations (3.8.5)
      diff-lcs (>= 1.2.0, < 2.0)
      rspec-support (~> 3.8.0)
    rspec-mocks (3.8.2)
      diff-lcs (>= 1.2.0, < 2.0)
      rspec-support (~> 3.8.0)
    rspec-support (3.8.3)
    ruby2_keywords (0.0.2)
    shotgun (0.9.2)
      rack (>= 1.0)
    sinatra (2.0.8.1)
      mustermann (~> 1.0)
      rack (~> 2.0)
      rack-protection (= 2.0.8.1)
      tilt (~> 2.0)
    thread_safe (0.3.6)
    tilt (2.0.10)
    tzinfo (1.2.7)
      thread_safe (~> 0.1)
    tzinfo-data (1.2019.3)
      tzinfo (>= 1.0.0)
    zeitwerk (2.3.0)

PLATFORMS
  ruby

DEPENDENCIES
  grade_runner (= 0.0.5.1)
  rake
  rspec
  shotgun
  web_git!

BUNDLED WITH
   1.17.3
